GEM
  remote: http://rubygems.org/
  specs:
    activesupport (3.2.11)
      i18n (~> 0.6)
      multi_json (~> 1.0)
    bluepill (0.0.60)
      activesupport (>= 3.0.0)
      daemons (~> 1.1.4, <= 1.1.6)
      i18n (>= 0.5.0)
      state_machine (~> 1.1.0)
    capistrano (2.13.5)
      highline
      net-scp (>= 1.0.0)
      net-sftp (>= 2.0.0)
      net-ssh (>= 2.0.14)
      net-ssh-gateway (>= 1.1.0)
    capistrano-ext (1.2.1)
      capistrano (>= 1.0.0)
    daemons (1.1.6)
    highline (1.6.15)
    i18n (0.6.1)
    multi_json (1.5.0)
    net-scp (1.0.4)
      net-ssh (>= 1.99.1)
    net-sftp (2.0.5)
      net-ssh (>= 2.0.9)
    net-ssh (2.6.2)
    net-ssh-gateway (1.1.0)
      net-ssh (>= 1.99.1)
    state_machine (1.1.2)

PLATFORMS
  ruby

DEPENDENCIES
  bluepill
  capistrano
  capistrano-ext
